GEM
  remote: http://rubygems.org/
  specs:
    abstract (1.0.0)
    actionmailer (3.0.0.rc)
      actionpack (= 3.0.0.rc)
      mail (~> 2.2.5)
    actionpack (3.0.0.rc)
      activemodel (= 3.0.0.rc)
      activesupport (= 3.0.0.rc)
      builder (~> 2.1.2)
      erubis (~> 2.6.6)
      i18n (~> 0.4.1)
      rack (~> 1.2.1)
      rack-mount (~> 0.6.9)
      rack-test (~> 0.5.4)
      tzinfo (~> 0.3.22)
    activemodel (3.0.0.rc)
      activesupport (= 3.0.0.rc)
      builder (~> 2.1.2)
      i18n (~> 0.4.1)
    activerecord (3.0.0.rc)
      activemodel (= 3.0.0.rc)
      activesupport (= 3.0.0.rc)
      arel (~> 0.4.0)
      tzinfo (~> 0.3.22)
    activesupport (3.0.0.rc)
    addressable (2.1.2)
    arel (0.4.0)
      activesupport (>= 3.0.0.beta)
    bson (1.0.4)
    bson_ext (1.0.4)
    builder (2.1.2)
    columnize (0.3.1)
    couchrest (0.37)
      mime-types (>= 1.15)
      rest-client (>= 0.5)
    daemons (1.1.0)
    data_objects (0.10.2)
      addressable (~> 2.1)
    diff-lcs (1.1.2)
    dm-aggregates (1.0.0)
      dm-core (~> 1.0.0)
    dm-core (1.0.0)
      addressable (~> 2.1)
      extlib (~> 0.9.15)
    dm-observer (1.0.0)
      dm-core (~> 1.0.0)
    dm-validations (1.0.0)
      dm-core (~> 1.0.0)
    do_sqlite3 (0.10.2)
      data_objects (= 0.10.2)
    erubis (2.6.6)
      abstract (>= 1.0.0)
    extlib (0.9.15)
    gemcutter (0.6.1)
    git (1.2.5)
    i18n (0.4.1)
    jeweler (1.4.0)
      gemcutter (>= 0.1.0)
      git (>= 1.2.5)
      rubyforge (>= 2.0.0)
    jnunemaker-validatable (1.8.4)
      activesupport (>= 2.3.4)
    json_pure (1.4.3)
    linecache (0.43)
    mail (2.2.5)
      activesupport (>= 2.3.6)
      mime-types
      treetop (>= 1.4.5)
    mime-types (1.16)
    mongo (1.0.6)
      bson (>= 1.0.4)
    mongo_mapper (0.8.2)
      activesupport (>= 2.3.4)
      jnunemaker-validatable (~> 1.8.4)
      plucky (~> 0.3.1)
    plucky (0.3.2)
      mongo (~> 1.0.1)
    polyglot (0.3.1)
    rack (1.2.1)
    rack-mount (0.6.9)
      rack (>= 1.0.0)
    rack-test (0.5.4)
      rack (>= 1.0)
    rake (0.8.7)
    rest-client (1.6.0)
      mime-types (>= 1.16)
    rspec (2.0.0.beta.19)
      rspec-core (= 2.0.0.beta.19)
      rspec-expectations (= 2.0.0.beta.19)
      rspec-mocks (= 2.0.0.beta.19)
    rspec-core (2.0.0.beta.19)
    rspec-expectations (2.0.0.beta.19)
      diff-lcs (>= 1.1.2)
    rspec-mocks (2.0.0.beta.19)
    ruby-debug (0.10.3)
      columnize (>= 0.1)
      ruby-debug-base (~> 0.10.3.0)
    ruby-debug-base (0.10.3)
      linecache (>= 0.3)
    rubyforge (2.0.4)
      json_pure (>= 1.1.7)
    sqlite3-ruby (1.3.1)
    treetop (1.4.8)
      polyglot (>= 0.3.1)
    tzinfo (0.3.22)

PLATFORMS
  ruby

DEPENDENCIES
  actionmailer (= 3.0.0.rc)
  activerecord (= 3.0.0.rc)
  bson_ext
  couchrest
  daemons
  dm-aggregates
  dm-core
  dm-observer
  dm-validations
  do_sqlite3
  jeweler
  mongo_mapper
  rake
  rspec (= 2.0.0.beta.19)
  ruby-debug
  sqlite3-ruby
